GIT
  remote: https://github.com/jeremycole/mysql_binlog
  revision: c8b5c73906264c9c7780f9d1eeed04b8abe39c4b
  branch: master
  specs:
    mysql_binlog (0.3.7)

GEM
  remote: https://rubygems.org/
  specs:
    connection_pool (2.2.5)
    nio4r (2.5.8)
    puma (5.4.0)
      nio4r (~> 2.0)
    rack (2.2.3)
    redis (4.4.0)
    sidekiq (6.2.2)
      connection_pool (>= 2.2.2)
      rack (~> 2.0)
      redis (>= 4.2.0)

PLATFORMS
  x86_64-linux-musl

DEPENDENCIES
  mysql_binlog!
  puma
  redis
  sidekiq

BUNDLED WITH
   2.2.22
